##TITLE= Parameter file, TOPSPIN		Version 3.0
##JCAMPDX= 5.0
##DATATYPE= Parameter Values
##NPOINTS= 1	$$ modification sequence number
##ORIGIN= Bruker BioSpin GmbH
##OWNER= hzeng
$$ 2013-03-01 10:58:06.935 -0500  hzeng@MRI750
$$ /opt/topspin3.0/exp/stan/nmr/par/user/hzp_methanold4/acqu
$$ process /opt/topspin3.0/prog/mod/edparproc
##$ACQT0= 0
##$AMP= (0..31)
100 100 100 100 100 100 100 100 100 100 100 100 100 100 100 100 100 100
100 100 100 100 100 100 100 100 100 100 100 100 100 100
##$ANAVPT= 1
##$AQSEQ= 0
##$AQ_mod= 3
##$AUNM= <au_zg>
##$AUTOPOS= <>
##$BF1= 700.272
##$BF2= 700.272
##$BF3= 700.272
##$BF4= 700.272
##$BF5= 700.272
##$BF6= 700.272
##$BF7= 700.272
##$BF8= 700.272
##$BYTORDA= 0
##$CAGPARS= (0..11)
0 0 0 0 0 0 0 0 0 0 0 0
##$CFDGTYP= 0
##$CFRGTYP= 9
##$CHEMSTR= <none>
##$CNST= (0..63)
1 1 145 1 1 1 1 1 1 1 1 1 1 1 1 1 1 1 1 1 1 1 1 1 1 1 1 4000 2.5 1 33 65
1 3.4 0.6 0.65 3.4 2.9 1 3.4 2 0.2 33 0.4 0.2 20 1.9 1.5 1 1 1 1 1 1 1
1 1 1 1 1 1 1 1 1
##$CPDPRG= <>
##$CPDPRG1= <>
##$CPDPRG2= <>
##$CPDPRG3= <>
##$CPDPRG4= <mlev16>
##$CPDPRG5= <>
##$CPDPRG6= <>
##$CPDPRG7= <>
##$CPDPRG8= <>
##$D= (0..63)
0 0.001 0 0 0 0 0 0 0 0 0 0.001 0 0 0 0 0.0002 0 0 0 0 0 0 0 0 0 0 0 0
0 0 0 0 0 0 0 0 0 0 0 0 30 0.1 0.001 0.1 2 0 0 0 0 0 0 0 0 0 0 0 0 0 0
0 0 0 0.011
##$DATE= 0
##$DBL= (0..7)
120 120 120 120 120 120 120 120
##$DBP= (0..7)
150 150 150 150 150 150 150 150
##$DBPNAM0= <>
##$DBPNAM1= <>
##$DBPNAM2= <>
##$DBPNAM3= <>
##$DBPNAM4= <>
##$DBPNAM5= <>
##$DBPNAM6= <>
##$DBPNAM7= <>
##$DBPOAL= (0..7)
0.5 0.5 0.5 0.5 0.5 0.5 0.5 0.5
##$DBPOFFS= (0..7)
0 0 0 0 0 0 0 0
##$DE= 6.5
##$DECBNUC= <off>
##$DECIM= 480
##$DECNUC= <off>
##$DECSTAT= 4
##$DIGMOD= 1
##$DIGTYP= 12
##$DL= (0..7)
0 120 120 120 120 120 120 120
##$DP= (0..7)
150 150 150 150 150 150 150 150
##$DP07= 0
##$DPNAME0= <>
##$DPNAME1= <>
##$DPNAME2= <>
##$DPNAME3= <>
##$DPNAME4= <>
##$DPNAME5= <>
##$DPNAME6= <>
##$DPNAME7= <>
##$DPOAL= (0..7)
0.5 0.5 0.5 0.5 0.5 0.5 0.5 0.5
##$DPOFFS= (0..7)
0 0 0 0 0 0 0 0
##$DQDMODE= 0
##$DR= 21
##$DS= 0
##$DSPFIRM= 0
##$DSPFVS= 0
##$DTYPA= 0
##$EXP= <PROTON>
##$F1LIST= <>
##$F2LIST= <>
##$F3LIST= <>
##$FCUCHAN= (0..9)
0 2 0 0 0 0 0 0 0 0
##$FL1= 90
##$FL2= 90
##$FL3= 90
##$FL4= 90
##$FOV= 20
##$FQ1LIST= <freqlist>
##$FQ2LIST= <freqlist>
##$FQ3LIST= <freqlist>
##$FQ4LIST= <freqlist>
##$FQ5LIST= <freqlist>
##$FQ6LIST= <freqlist>
##$FQ7LIST= <freqlist>
##$FQ8LIST= <freqlist>
##$FRQLO3= 0
##$FRQLO3N= 0
##$FS= (0..7)
83 83 83 83 83 83 83 83
##$FTLPGN= 0
##$FW= 250000
##$FnMODE= 0
##$FnTYPE= 0
##$GPNAM0= <>
##$GPNAM1= <SINE.100>
##$GPNAM10= <>
##$GPNAM11= <>
##$GPNAM12= <>
##$GPNAM13= <>
##$GPNAM14= <>
##$GPNAM15= <>
##$GPNAM16= <>
##$GPNAM17= <>
##$GPNAM18= <>
##$GPNAM19= <>
##$GPNAM2= <SINE.100>
##$GPNAM20= <>
##$GPNAM21= <>
##$GPNAM22= <>
##$GPNAM23= <>
##$GPNAM24= <>
##$GPNAM25= <>
##$GPNAM26= <>
##$GPNAM27= <>
##$GPNAM28= <>
##$GPNAM29= <>
##$GPNAM3= <>
##$GPNAM30= <>
##$GPNAM31= <>
##$GPNAM4= <>
##$GPNAM5= <>
##$GPNAM6= <>
##$GPNAM7= <>
##$GPNAM8= <>
##$GPNAM9= <>
##$GPX= (0..31)
0 0 0 0 0 0 0 0 0 0 0 0 0 0 0 0 0 0 0 0 0 0 0 0 0 0 0 0 0 0 0 0
##$GPY= (0..31)
0 0 0 0 0 0 0 0 0 0 0 0 0 0 0 0 0 0 0 0 0 0 0 0 0 0 0 0 0 0 0 0
##$GPZ= (0..31)
0 31 11 0 0 0 0 0 0 0 0 0 0 0 0 0 0 0 0 0 0 0 0 0 0 0 0 0 0 0 0 0
##$GRDPROG= <>
##$GRPDLY= -1
##$HDDUTY= 20
##$HDRATE= 1
##$HGAIN= (0..3)
0 0 0 0
##$HL1= 1
##$HL2= 35
##$HL3= 16
##$HL4= 17
##$HOLDER= 0
##$HPMOD= (0..7)
0 0 0 0 0 0 0 0
##$HPPRGN= 0
##$IN= (0..63)
0 0 0 0 0 0 0 0 0 0 0 0 0 0 0 0 0 0 0 0 0 0 0 0 0 0 0 0 0 0 0 0 0 0 0 0
0 0 0 0 0 0 0 0 0 0 0 0 0 0 0 0 0 0 0 0 0 0 0 0 0 0 0 0
##$INF= (0..7)
0 0 0 0 0 0 0 0
##$INP= (0..63)
0 0 0 0 0 0 0 0 0 0 0 0 0 0 0 0 0 0 0 0 0 0 0 0 0 0 0 0 0 0 0 0 0 0 0 0
0 0 0 0 0 0 0 0 0 0 0 0 0 0 0 0 0 0 0 0 0 0 0 0 0 0 0 0
##$INSTRUM= <>
##$L= (0..31)
1 1 1 1 1 1 1 1 1 1 1 1 1 1 1 1 1 1 1 1 1 1 1 1 1 1 1 1 1 1 1 1
##$LFILTER= 10
##$LGAIN= -10
##$LINPSTP= 0
##$LOCKED= no
##$LOCKFLD= 0
##$LOCKGN= 0
##$LOCKPOW= -20
##$LOCKPPM= 0
##$LOCNUC= <2H>
##$LOCPHAS= 0
##$LOCSHFT= no
##$LOCSW= 0
##$LTIME= 0.1
##$MASR= 4200
##$MASRLST= <masrlst>
##$MULEXPNO= (0..15)
0 0 0 0 0 0 0 0 0 0 0 0 0 0 0 0
##$NBL= 1
##$NC= 0
##$NLOGCH= 4
##$NOVFLW= 0
##$NS= 1
##$NUC1= <1H>
##$NUC2= <off>
##$NUC3= <off>
##$NUC4= <off>
##$NUC5= <off>
##$NUC6= <off>
##$NUC7= <off>
##$NUC8= <off>
##$NUCLEUS= <off>
##$NUSLIST= <automatic>
##$O1= 3487.35456
##$O2= 4324.47
##$O3= 4324.47
##$O4= 4324.47
##$O5= 4324.47
##$O6= 4324.47
##$O7= 4324.47
##$O8= 4324.47
##$OVERFLW= 0
##$P= (0..63)
17.97 18.8 35.94 0 0 17.16 26 52 20000 0 0 80000 20000 1000 0 0 1000 2500
100000 600 0 0 0 0 0 72 100000 17.97 1000 1000 0 0 20000 0 0 0 0 0 0 0
2000 0 0 0 171 0 0 0 0 0 0 0 0 0 0 0 0 0 0 0 0 0 0 0
##$PACOIL= (0..15)
-1 1 0 2 0 0 0 0 0 0 0 0 0 0 0 0
##$PAPS= 2
##$PARMODE= 0
##$PCPD= (0..9)
100 65 100 100 100 100 100 100 100 100
##$PEXSEL= (0..9)
1 1 1 1 1 1 1 1 1 1
##$PHCOR= (0..31)
0 0 0 0 0 0 0 0 0 0 0 0 0 0 0 0 0 0 0 0 0 0 0 0 0 0 0 0 0 0 0 0
##$PHLIST= <>
##$PHP= 1
##$PH_ref= 0
##$PL= (0..63)
120 120 120 120 120 120 120 120 120 120 120 120 120 120 120 120 120 120
120 120 120 120 120 120 120 120 120 120 120 120 120 120 120 120 120 120
120 120 120 120 120 120 120 120 120 120 120 120 120 120 120 120 120 120
120 120 120 120 120 120 120 120 120 120
##$PLSTEP= 0.1
##$PLSTRT= -6
##$PLW= (0..63)
0 45.2 0 0 0 0 0 0 0 0.00058367 21.585 2.28 0 0 0 0 0 0 45.2 3.4537 0 0
0 0 0 0 0 11.259 0 21.585 0 0 2.3347e-05 0 0 0 0 0 0 0 0 0 0 0 0 0 0 0
0 0 0 0 0 0 0 0 0 0 0 0 0 0 0 0
##$PLWMAX= (0..7)
0 0 0 0 0 0 0 0
##$POWMOD= 0
##$PQPHASE= 0
##$PQSCALE= 1
##$PR= 1
##$PRECHAN= (0..15)
-1 -1 4 -1 -1 2 -1 -1 -1 -1 -1 -1 -1 -1 -1 -1
##$PRGAIN= 0
##$PROBHD= <>
##$PULPROG= <_hzp_zg>
##$PW= 0
##$PYNM= <acqu.py>
##$QNP= 1
##$RD= 0
##$RECCHAN= (0..15)
0 2 0 0 0 0 0 0 0 0 0 0 0 0 0 0
##$RECPH= 0
##$RECPRE= (0..15)
0 -1 4 -1 -1 -1 -1 -1 -1 -1 -1 -1 -1 -1 -1 -1
##$RECPRFX= (0..15)
1 0 0 1 0 0 0 0 0 0 0 0 0 0 0 0
##$RECSEL= (0..15)
0 0 2 0 0 0 0 0 0 0 0 0 0 0 0 0
##$RG= 18
##$RO= 0
##$ROUTWD1= (0..23)
0 0 0 0 0 0 0 0 0 0 0 0 0 0 0 0 0 0 0 0 1 1 0 0
##$ROUTWD2= (0..23)
0 0 0 0 0 1 0 0 0 0 0 0 0 0 0 0 0 0 1 0 1 1 0 0
##$RSEL= (0..9)
0 0 2 0 0 0 0 0 0 0
##$S= (0..7)
83 4 83 83 83 83 83 83
##$SELREC= (0..9)
0 0 0 0 0 0 0 0 0 0
##$SFO1= 700.27548735456
##$SFO2= 700.27632447
##$SFO3= 700.27632447
##$SFO4= 700.27632447
##$SFO5= 700.27632447
##$SFO6= 700.27632447
##$SFO7= 700.27632447
##$SFO8= 700.27632447
##$SOLVENT= <MeOD>
##$SOLVOLD= <off>
##$SP= (0..63)
120 120 120 120 120 120 120 120 120 120 120 120 120 120 120 120 120 120
120 120 120 120 120 120 120 120 120 120 120 120 120 120 120 120 120 120
120 120 120 120 120 120 120 120 120 120 120 120 120 120 120 120 120 120
120 120 120 120 120 120 120 120 120 120
##$SPECTR= 0
##$SPINCNT= 0
##$SPNAM0= <>
##$SPNAM1= <hz_Gaus1000_methanol2>
##$SPNAM10= <Squa100.1000>
##$SPNAM11= <Squa100.1000>
##$SPNAM12= <>
##$SPNAM13= <>
##$SPNAM14= <>
##$SPNAM15= <>
##$SPNAM16= <>
##$SPNAM17= <>
##$SPNAM18= <>
##$SPNAM19= <Sinc1.1000>
##$SPNAM2= <Gaus1_180r.1000>
##$SPNAM20= <Sinc1.1000>
##$SPNAM21= <Sinc1.1000>
##$SPNAM22= <Sinc1.1000>
##$SPNAM23= <>
##$SPNAM24= <>
##$SPNAM25= <>
##$SPNAM26= <>
##$SPNAM27= <>
##$SPNAM28= <>
##$SPNAM29= <Crp60,20,20.10>
##$SPNAM3= <>
##$SPNAM30= <Bip720,50,20.1>
##$SPNAM31= <>
##$SPNAM32= <>
##$SPNAM33= <>
##$SPNAM34= <>
##$SPNAM35= <>
##$SPNAM36= <>
##$SPNAM37= <>
##$SPNAM38= <>
##$SPNAM39= <>
##$SPNAM4= <>
##$SPNAM40= <>
##$SPNAM41= <>
##$SPNAM42= <>
##$SPNAM43= <>
##$SPNAM44= <>
##$SPNAM45= <>
##$SPNAM46= <>
##$SPNAM47= <>
##$SPNAM48= <>
##$SPNAM49= <>
##$SPNAM5= <Squa100.1000>
##$SPNAM50= <>
##$SPNAM51= <>
##$SPNAM52= <>
##$SPNAM53= <>
##$SPNAM54= <>
##$SPNAM55= <>
##$SPNAM56= <>
##$SPNAM57= <>
##$SPNAM58= <>
##$SPNAM59= <>
##$SPNAM6= <Squa100.1000>
##$SPNAM60= <>
##$SPNAM61= <>
##$SPNAM62= <>
##$SPNAM63= <>
##$SPNAM7= <>
##$SPNAM8= <Squa100.1000>
##$SPNAM9= <>
##$SPOAL= (0..63)
0.5 0.5 0.5 0.5 0.5 0.5 0.5 0.5 0.5 0.5 0.5 0.5 0.5 0.5 0.5 0.5 0.5 0.5
0.5 1 1 1 1 0.5 0.5 0.5 0.5 0.5 0.5 0.5 0.5 0.5 0.5 0.5 0.5 0.5 0.5 0.5
0.5 0.5 0.5 0.5 0.5 0.5 0.5 0.5 0.5 0.5 0.5 0.5 0.5 0.5 0.5 0.5 0.5 0.5
0.5 0.5 0.5 0.5 0.5 0.5 0.5 0.5
##$SPOFFS= (0..63)
0 0 0 0 0 0 0 0 0 0 0 0 0 0 0 0 0 0 0 0 0 0 0 0 0 0 0 0 0 0 0 0 0 0 0 0
0 0 0 0 0 0 0 0 0 0 0 0 0 0 0 0 0 0 0 0 0 0 0 0 0 0 0 0
##$SPPEX= (0..63)
0 0 0 0 0 0 0 0 0 0 0 0 0 0 0 0 0 0 0 0 0 0 0 0 0 0 0 0 0 0 0 0 0 0 0 0
0 0 0 0 0 0 0 0 0 0 0 0 0 0 0 0 0 0 0 0 0 0 0 0 0 0 0 0
##$SPW= (0..63)
0 0.0034448 5.3837e-05 0 0 0.014592 0.00058367 0 1.4592e-06 0 0.014592
0.014592 0 0 0 0 0 0 0 8.594023e-05 0.0001335913 6.237767e-05 0.0003363976
0 0 0 0 0 0 0.55736 31.937 0 0 0 0 0 0 0 0 0 0 0 0 0 0 0 0 0 0 0 0 0 0
0 0 0 0 0 0 0 0 0 0 0
##$SUBNAM0= <>
##$SUBNAM1= <>
##$SUBNAM2= <>
##$SUBNAM3= <>
##$SUBNAM4= <>
##$SUBNAM5= <>
##$SUBNAM6= <>
##$SUBNAM7= <>
##$SUBNAM8= <>
##$SUBNAM9= <>
##$SW= 59.5003929440275
##$SWIBOX= (0..19)
0 0 2 0 0 0 0 0 0 0 0 0 0 0 0 0 0 0 0 0
##$SW_h= 41666.6666666667
##$SWfinal= 0
##$TD= 65536
##$TD0= 1
##$TE= 300
##$TE1= 300
##$TE2= 300
##$TE3= 300
##$TE4= 300
##$TEG= 300
##$TE_PIDX= 0
##$TE_STAB= (0..8)
0 0 0 0 0 0 0 0 0
##$TL= (0..7)
0 120 120 120 120 120 120 120
##$TP= (0..7)
150 150 150 150 150 150 150 150
##$TPNAME0= <>
##$TPNAME1= <>
##$TPNAME2= <>
##$TPNAME3= <>
##$TPNAME4= <>
##$TPNAME5= <>
##$TPNAME6= <>
##$TPNAME7= <>
##$TPOAL= (0..7)
0.5 0.5 0.5 0.5 0.5 0.5 0.5 0.5
##$TPOFFS= (0..7)
0 0 0 0 0 0 0 0
##$TUNHIN= 0
##$TUNHOUT= 0
##$TUNXOUT= 0
##$USERA1= <13C>
##$USERA2= <>
##$USERA3= <>
##$USERA4= <>
##$USERA5= <>
##$V9= 5
##$VALIST= <>
##$VCLIST= <>
##$VD= 0
##$VDLIST= <>
##$VPLIST= <>
##$VTLIST= <>
##$WBST= 1024
##$WBSW= 20
##$XGAIN= (0..3)
0 0 0 0
##$XL= 0
##$YL= 0
##$YMAX_a= 0
##$YMIN_a= 0
##$ZGOPTNS= <>
##$ZL1= 120
##$ZL2= 120
##$ZL3= 120
##$ZL4= 120
##END=
